GEM
  remote: http://rubygems.org/
  specs:
    mustermann (1.0.3)
    rack (2.0.5)
    rack-protection (2.0.4)
      rack
    sentimental (1.0.3)
    sinatra (2.0.4)
      mustermann (~> 1.0)
      rack (~> 2.0)
      rack-protection (= 2.0.4)
      tilt (~> 2.0)
    tilt (2.0.8)

PLATFORMS
  ruby

DEPENDENCIES
  rack
  sentimental
  sinatra

RUBY VERSION
   ruby 2.5.3p105

BUNDLED WITH
   1.16.6
